GEM
  remote: https://rubygems.org/
  specs:
    addressable (2.2.8)
    crack (0.4.1)
      safe_yaml (~> 0.9.0)
    diff-lcs (1.2.1)
    oauth (0.4.7)
    rspec (2.13.0)
      rspec-core (~> 2.13.0)
      rspec-expectations (~> 2.13.0)
      rspec-mocks (~> 2.13.0)
    rspec-core (2.13.1)
    rspec-expectations (2.13.0)
      diff-lcs (>= 1.1.3, < 2.0)
    rspec-mocks (2.13.0)
    safe_yaml (0.9.5)
    vcr (2.4.0)
    webmock (1.13.0)
      addressable (>= 2.2.7)
      crack (>= 0.3.2)

PLATFORMS
  ruby

DEPENDENCIES
  oauth
  rspec
  vcr
  webmock
